PATH
  remote: .
  specs:
    fakememcached (0.1.0)

GEM
  remote: http://rubygems.org/
  specs:
    rake (0.9.2)
    rspec (1.3.2)

PLATFORMS
  ruby

DEPENDENCIES
  fakememcached!
  rake
  rspec (~> 1.3.0)
